PATH
  remote: .
  specs:
    rspreedly-core (0.0.1)
      httparty (= 0.7.7)

GEM
  remote: http://rubygems.org/
  specs:
    columnize (0.3.2)
    crack (0.1.8)
    diff-lcs (1.1.2)
    httparty (0.7.7)
      crack (= 0.1.8)
    linecache (0.43)
    mocha (0.9.12)
    rake (0.9.1)
    rcov (0.9.9)
    rspec (2.3.0)
      rspec-core (~> 2.3.0)
      rspec-expectations (~> 2.3.0)
      rspec-mocks (~> 2.3.0)
    rspec-core (2.3.1)
    rspec-expectations (2.3.0)
      diff-lcs (~> 1.1.2)
    rspec-mocks (2.3.0)
    ruby-debug (0.10.4)
      columnize (>= 0.1)
      ruby-debug-base (~> 0.10.4.0)
    ruby-debug-base (0.10.4)
      linecache (>= 0.3)

PLATFORMS
  ruby

DEPENDENCIES
  bundler (~> 1.0.10)
  mocha (~> 0.9.12)
  rake
  rcov (~> 0.9.9)
  rspec (~> 2.3.0)
  rspreedly-core!
  ruby-debug (~> 0.10.4)
